PATH
  remote: .
  specs:
    luhnacy (0.2.1)

GEM
  remote: https://rubygems.org/
  specs:
    bundler-audit (0.7.0.1)
      bundler (>= 1.2.0, < 3)
      thor (>= 0.18, < 2)
    diff-lcs (1.3)
    rake (13.0.3)
    rspec (2.99.0)
      rspec-core (~> 2.99.0)
      rspec-expectations (~> 2.99.0)
      rspec-mocks (~> 2.99.0)
    rspec-core (2.99.2)
    rspec-expectations (2.99.2)
      diff-lcs (>= 1.1.3, < 2.0)
    rspec-mocks (2.99.4)
    thor (1.0.1)

PLATFORMS
  ruby

DEPENDENCIES
  bundler-audit
  luhnacy!
  rake (~> 13.0.3)
  rspec (>= 2, < 3)

BUNDLED WITH
   1.14.3
